NUGET
  remote: https://nuget.org/api/v2
  specs:
    Autofac (3.5.2)
    FAKE (3.13.3)
    FakeItEasy (1.25.1)
    FluentAssertions (3.2.2)
    FluentValidation (5.5.0.0)
    FSharp.Compiler.Service (0.0.81)
    FSharp.Core (3.1.2.1)
    FSharp.Data.SqlClient (1.5.7)
      Microsoft.SqlServer.Types (>= 11.0.0)
    FSharp.Formatting (2.6.0)
      FSharp.Compiler.Service (>= 0.0.81)
    Insight.Database (5.2.0)
      Insight.Database.Core (>= 5.2.0)
    Insight.Database.Core (5.2.0)
    MahApps.Metro (1.0.0.0)
    MahApps.Metro.Resources (0.4.0.0)
      MahApps.Metro (>= 1.0.0)
    Microsoft.AspNet.WebApi.Client (5.2.2)
      Microsoft.Net.Http (>= 2.2.22)
      Newtonsoft.Json (>= 6.0.4)
    Microsoft.AspNet.WebApi.Core (5.2.2)
      Microsoft.AspNet.WebApi.Client (>= 5.2.2)
    Microsoft.AspNet.WebApi.Owin (5.2.2)
      Microsoft.AspNet.WebApi.Core (>= 5.2.2 <  5.3.0)
      Microsoft.Owin (>= 2.0.2)
      Owin (>= 1.0)
    Microsoft.AspNet.WebApi.OwinSelfHost (5.2.2)
      Microsoft.AspNet.WebApi.Owin (>= 5.2.2 <  5.3.0)
      Microsoft.Owin.Host.HttpListener (>= 2.0.2)
      Microsoft.Owin.Hosting (>= 2.0.2)
    Microsoft.Bcl (1.1.9)
      Microsoft.Bcl.Build (>= 1.0.14)
    Microsoft.Bcl.Build (1.0.21)
    Microsoft.Net.Http (2.2.28)
      Microsoft.Bcl (>= 1.1.9)
      Microsoft.Bcl.Build (>= 1.0.14)
    Microsoft.Owin (3.0.0)
      Owin (>= 1.0)
    Microsoft.Owin.Host.HttpListener (3.0.0)
    Microsoft.Owin.Hosting (3.0.0)
      Microsoft.Owin (>= 3.0.0)
      Owin (>= 1.0)
    Microsoft.SqlServer.Types (11.0.2)
    Newtonsoft.Json (6.0.8)
    NuGet.CommandLine (2.8.3)
    NUnit (2.6.4)
    NUnit.Runners (2.6.4)
    Octokit (0.6.2)
      Microsoft.Net.Http
    Owin (1.0)
    SourceLink.Fake (0.4.2)
    Topshelf (3.1.4)
    UnionArgParser (0.8.2)
    Xbehave (1.1.0)
      xunit (1.9.2)
      xunit.extensions (1.9.2)
    xunit (1.9.2)
    xunit.extensions (1.9.2)
      xunit (1.9.2)
    xunit.runner.visualstudio (0.99.9-build1021)
    xunit.runners (1.9.2)
GITHUB
  remote: fsharp/FAKE
  specs:
    modules/Octokit/Octokit.fsx (ce996a8837bd533f89245eaa76c70ec1c495e0d0)
      Octokit